GEM
  remote: https://rubygems.org/
  specs:
    coderay (1.1.3)
    httparty (0.18.1)
      mime-types (~> 3.0)
      multi_xml (>= 0.5.2)
    method_source (1.0.0)
    mime-types (3.3.1)
      mime-types-data (~> 3.2015)
    mime-types-data (3.2021.0212)
    multi_xml (0.6.0)
    pry (0.14.0)
      coderay (~> 1.1)
      method_source (~> 1.0)
    rake (13.0.3)

PLATFORMS
  x86_64-darwin-19

DEPENDENCIES
  httparty
  pry
  rake (~> 13.0)

BUNDLED WITH
   2.2.4
